PATH
  remote: .
  specs:
    jobify (0.1.1)
      activejob
      activesupport

GEM
  remote: https://rubygems.org/
  specs:
    activejob (7.0.4)
      activesupport (= 7.0.4)
      globalid (>= 0.3.6)
    activesupport (7.0.4)
      concurrent-ruby (~> 1.0, >= 1.0.2)
      i18n (>= 1.6, < 2)
      minitest (>= 5.1)
      tzinfo (~> 2.0)
    ast (2.4.2)
    concurrent-ruby (1.1.10)
    globalid (1.0.0)
      activesupport (>= 5.0)
    i18n (1.12.0)
      concurrent-ruby (~> 1.0)
    json (2.6.2)
    minitest (5.16.3)
    parallel (1.22.1)
    parser (3.1.2.1)
      ast (~> 2.4.1)
    rainbow (3.1.1)
    rake (13.0.6)
    regexp_parser (2.6.0)
    rexml (3.2.5)
    rubocop (1.37.0)
      json (~> 2.3)
      parallel (~> 1.10)
      parser (>= 3.1.2.1)
      rainbow (>= 2.2.2, < 4.0)
      regexp_parser (>= 1.8, < 3.0)
      rexml (>= 3.2.5, < 4.0)
      rubocop-ast (>= 1.22.0, < 2.0)
      ruby-progressbar (~> 1.7)
      unicode-display_width (>= 1.4.0, < 3.0)
    rubocop-ast (1.23.0)
      parser (>= 3.1.1.0)
    ruby-progressbar (1.11.0)
    tzinfo (2.0.5)
      concurrent-ruby (~> 1.0)
    unicode-display_width (2.3.0)

PLATFORMS
  x86_64-darwin-20
  x86_64-linux

DEPENDENCIES
  jobify!
  minitest (~> 5.0)
  rake (~> 13.0)
  rubocop (~> 1.21)

BUNDLED WITH
   2.3.14
